PATH
  remote: .
  specs:
    kindlerb (0.0.10)
      mustache
      nokogiri

GEM
  remote: http://rubygems.org/
  specs:
    mini_portile (0.6.2)
    mustache (1.0.2)
    nokogiri (1.6.6.2)
      mini_portile (~> 0.6.0)

PLATFORMS
  ruby

DEPENDENCIES
  kindlerb!
  nokogiri

RUBY VERSION
   ruby 2.2.5p319

BUNDLED WITH
   1.14.5
